PATH
  remote: .
  specs:
    fluent-plugin-redisstore (0.0.2)
      fluentd

GEM
  remote: http://rubygems.org/
  specs:
    activesupport (4.2.1)
      i18n (~> 0.7)
      json (~> 1.7, >= 1.7.7)
      minitest (~> 5.1)
      thread_safe (~> 0.3, >= 0.3.4)
      tzinfo (~> 1.1)
    cool.io (1.3.1)
    fluentd (0.12.11)
      cool.io (>= 1.2.2, < 2.0.0)
      http_parser.rb (>= 0.5.1, < 0.7.0)
      json (>= 1.4.3)
      msgpack (>= 0.5.11, < 0.6.0)
      sigdump (~> 0.2.2)
      string-scrub (>= 0.0.3)
      tzinfo (>= 1.0.0)
      tzinfo-data (>= 1.0.0)
      yajl-ruby (~> 1.0)
    http_parser.rb (0.6.0)
    i18n (0.7.0)
    json (1.8.2)
    minitest (5.6.1)
    msgpack (0.5.12)
    rake (10.3.1)
    shoulda (3.5.0)
      shoulda-context (~> 1.0, >= 1.0.1)
      shoulda-matchers (>= 1.4.1, < 3.0)
    shoulda-context (1.2.1)
    shoulda-matchers (2.8.0)
      activesupport (>= 3.0.0)
    sigdump (0.2.3)
    string-scrub (0.0.5)
    thread_safe (0.3.5)
    tzinfo (1.2.2)
      thread_safe (~> 0.1)
    tzinfo-data (1.2015.4)
      tzinfo (>= 1.0.0)
    yajl-ruby (1.1.0)

PLATFORMS
  ruby

DEPENDENCIES
  fluent-plugin-redisstore!
  rake
  shoulda

BUNDLED WITH
   1.10.3
